RESTRICTION: >= net461
NUGET
  remote: https://www.nuget.org/api/v2
    FAKE (5.8.4)
    FSharp.Core (4.6)
    Fuchu (1.0.3)
      FSharp.Core (>= 3.1.2.1)
    Newtonsoft.Json (12.0.1)
